GEM
  remote: http://rubygems.org/
  specs:
    RedCloth (4.2.3)
    activemodel (3.0.3)
      activesupport (= 3.0.3)
      builder (~> 2.1.2)
      i18n (~> 0.4)
    activerecord (3.0.3)
      activemodel (= 3.0.3)
      activesupport (= 3.0.3)
      arel (~> 2.0.2)
      tzinfo (~> 0.3.23)
    activesupport (3.0.3)
    arel (2.0.6)
    aws-s3 (0.6.2)
      builder
      mime-types
      xml-simple
    builder (2.1.2)
    i18n (0.4.2)
    mime-types (1.16)
    paperclip (2.3.6)
      activerecord
      activesupport
    tzinfo (0.3.23)
    xml-simple (1.0.12)

PLATFORMS
  ruby

DEPENDENCIES
  RedCloth (= 4.2.3)
  aws-s3 (= 0.6.2)
  i18n (= 0.4.2)
  paperclip (= 2.3.6)
