GEM
  remote: http://rubygems.org/
  specs:
    RedCloth (4.2.3)
    actionmailer (2.3.8)
      actionpack (= 2.3.8)
    actionpack (2.3.8)
      activesupport (= 2.3.8)
      rack (~> 1.1.0)
    activerecord (2.3.8)
      activesupport (= 2.3.8)
    activeresource (2.3.8)
      activesupport (= 2.3.8)
    activesupport (2.3.8)
    aws-s3 (0.6.2)
      builder
      mime-types
      xml-simple
    builder (3.0.0)
    i18n (0.4.2)
    mime-types (1.16)
    paperclip (2.3.6)
      activerecord
      activesupport
    rack (1.1.0)
    rails (2.3.8)
      actionmailer (= 2.3.8)
      actionpack (= 2.3.8)
      activerecord (= 2.3.8)
      activeresource (= 2.3.8)
      activesupport (= 2.3.8)
      rake (>= 0.8.3)
    rake (0.8.7)
    xml-simple (1.0.12)

PLATFORMS
  ruby

DEPENDENCIES
  RedCloth (= 4.2.3)
  actionmailer (= 2.3.8)
  actionpack (= 2.3.8)
  activerecord (= 2.3.8)
  activeresource (= 2.3.8)
  activesupport (= 2.3.8)
  aws-s3 (= 0.6.2)
  i18n (= 0.4.2)
  paperclip (= 2.3.6)
  rack (= 1.1.0)
  rails (= 2.3.8)
